GEM
  remote: https://rubygems.org/
  specs:
    minitest (5.4.0)
    rake (0.9.6)

PLATFORMS
  ruby

DEPENDENCIES
  minitest
  rake
